PATH
  remote: .
  specs:
    imagecache (0.0.1)
      activesupport (>= 4.0)
      aws-sdk (>= 1.60.2)
      redis (>= 3.0)

GEM
  remote: https://rubygems.org/
  specs:
    activesupport (5.0.0.1)
      concurrent-ruby (~> 1.0, >= 1.0.2)
      i18n (~> 0.7)
      minitest (~> 5.1)
      tzinfo (~> 1.1)
    aws-sdk (2.6.4)
      aws-sdk-resources (= 2.6.4)
    aws-sdk-core (2.6.4)
      jmespath (~> 1.0)
    aws-sdk-resources (2.6.4)
      aws-sdk-core (= 2.6.4)
    concurrent-ruby (1.0.2)
    i18n (0.7.0)
    jmespath (1.3.1)
    minitest (5.9.1)
    rake (11.3.0)
    redis (3.3.1)
    thread_safe (0.3.5)
    tzinfo (1.2.2)
      thread_safe (~> 0.1)

PLATFORMS
  ruby

DEPENDENCIES
  imagecache!
  minitest
  rake

BUNDLED WITH
   1.13.1
